GIT
  remote: git://github.com/sinatra/sinatra.git
  revision: a6f6a147bfe3a9d7cd05f8e06212fc0ea8e23dcc
  specs:
    sinatra (1.3.0)
      rack (~> 1.3)
      tilt (~> 1.3)

GEM
  remote: http://rubygems.org/
  specs:
    mechanize (1.0.0)
      nokogiri (>= 1.2.1)
    nokogiri (1.4.6)
    rack (1.3.0)
    shared-mime-info (0.1)
    tilt (1.3.2)

PLATFORMS
  ruby

DEPENDENCIES
  mechanize
  shared-mime-info
  sinatra!
